GEM
  remote: http://rubygems.org/
  specs:
    elo (0.1.0)
    term-ansicolor (1.0.7)
    terminal-table (1.4.4)

PLATFORMS
  ruby

DEPENDENCIES
  elo (= 0.1.0)
  term-ansicolor (= 1.0.7)
  terminal-table (= 1.4.4)
